GEM
  remote: https://rubygems.org/
  specs:
    csv (3.3.0)
    logger (1.6.1)
    optimist (3.1.0)
    pandocomatic (2.0.1)
      logger
      optimist (~> 3.1, >= 3.1)
      paru (~> 1.1, >= 1.4.1)
    paru (1.4.1)
      csv (~> 3.3)

PLATFORMS
  x86_64-linux

DEPENDENCIES
  pandocomatic (~> 2.0)

BUNDLED WITH
   2.4.10
